GEM
  remote: https://rubygems.org/
  specs:
    autoprefixer-rails (6.3.6)
      execjs
    bootstrap-sass (3.3.6)
      autoprefixer-rails (>= 5.2.1)
      sass (>= 3.3.4)
    chunky_png (1.3.5)
    coffee-script (2.4.1)
      coffee-script-source
      execjs
    coffee-script-source (1.10.0)
    colored (1.2)
    compass (1.0.3)
      chunky_png (~> 1.2)
      compass-core (~> 1.0.2)
      compass-import-once (~> 1.0.5)
      rb-fsevent (>= 0.9.3)
      rb-inotify (>= 0.9)
      sass (>= 3.3.13, < 3.5)
    compass-core (1.0.3)
      multi_json (~> 1.0)
      sass (>= 3.3.0, < 3.5)
    compass-import-once (1.0.5)
      sass (>= 3.2, < 3.5)
    diff-lcs (1.2.5)
    execjs (2.6.0)
    ffi (1.9.10)
    git-up (0.5.12)
      colored (>= 1.2)
      grit
    grit (2.5.0)
      diff-lcs (~> 1.1)
      mime-types (~> 1.15)
      posix-spawn (~> 0.3.6)
    haml (5.0.0)
      temple (>= 0.8.0)
      tilt
    mime-types (1.25.1)
    multi_json (1.11.3)
    posix-spawn (0.3.11)
    rb-fsevent (0.9.7)
    rb-inotify (0.9.7)
      ffi (>= 0.5.0)
    sass (3.4.22)
    temple (0.8.2)
    tilt (2.0.10)

PLATFORMS
  ruby

DEPENDENCIES
  bootstrap-sass
  coffee-script (~> 2.4.1)
  compass
  git-up
  haml (~> 5.0.0)
  sass (~> 3.4.22)

RUBY VERSION
   ruby 2.2.2p95

BUNDLED WITH
   1.12.1
